PATH
  remote: .
  specs:

GEM
  remote: https://rubygems.org/
  specs:

PLATFORMS

DEPENDENCIES
  cdek_api_client!
  faker (~> 3.4.2)
  pry (~> 0.14.1)
  rspec (~> 3.13.0)
  rubocop (~> 1.66.1)
  rubocop-rspec (~> 3)
  vcr (~> 6.3.1)
  webmock (~> 3.24.0)
  yard (~> 0.9.37)

BUNDLED WITH
   2.5.15
